GEM
  remote: https://rubygems.org/
  specs:
    addressable (2.5.2)
      public_suffix (>= 2.0.2, < 4.0)
    azure_mgmt_compute (0.15.2)
      ms_rest_azure (~> 0.10.1)
    azure_mgmt_network (0.15.2)
      ms_rest_azure (~> 0.10.0)
    azure_mgmt_resources (0.15.2)
      ms_rest_azure (~> 0.10.0)
    azure_mgmt_storage (0.15.2)
      ms_rest_azure (~> 0.10.0)
    climate_control (0.2.0)
    concurrent-ruby (1.0.5)
    crack (0.4.3)
      safe_yaml (~> 1.0.0)
    diff-lcs (1.3)
    domain_name (0.5.20180417)
      unf (>= 0.0.5, < 1.0.0)
    dotenv (2.5.0)
    faraday (0.15.2)
      multipart-post (>= 1.2, < 3)
    faraday-cookie_jar (0.0.6)
      faraday (>= 0.7.4)
      http-cookie (~> 1.0.0)
    haikunator (1.1.0)
    hashdiff (0.3.7)
    http-cookie (1.0.3)
      domain_name (~> 0.5)
    ms_rest (0.7.2)
      concurrent-ruby (~> 1.0)
      faraday (~> 0.9)
      timeliness (~> 0.3)
    ms_rest_azure (0.10.8)
      concurrent-ruby (~> 1.0)
      faraday (~> 0.9)
      faraday-cookie_jar (~> 0.0.6)
      ms_rest (~> 0.7.2)
    multipart-post (2.0.0)
    public_suffix (3.0.3)
    rake (11.3.0)
    rspec (3.8.0)
      rspec-core (~> 3.8.0)
      rspec-expectations (~> 3.8.0)
      rspec-mocks (~> 3.8.0)
    rspec-core (3.8.0)
      rspec-support (~> 3.8.0)
    rspec-expectations (3.8.1)
      diff-lcs (>= 1.2.0, < 2.0)
      rspec-support (~> 3.8.0)
    rspec-mocks (3.8.0)
      diff-lcs (>= 1.2.0, < 2.0)
      rspec-support (~> 3.8.0)
    rspec-support (3.8.0)
    safe_yaml (1.0.4)
    timeliness (0.3.8)
    unf (0.1.4)
      unf_ext
    unf_ext (0.0.7.5)
    vcr (3.0.3)
    webmock (2.3.2)
      addressable (>= 2.3.6)
      crack (>= 0.3.2)
      hashdiff

PLATFORMS
  ruby

DEPENDENCIES
  azure_mgmt_compute (~> 0.15.0)
  azure_mgmt_network (~> 0.15.0)
  azure_mgmt_resources (~> 0.15.0)
  azure_mgmt_storage (~> 0.15.0)
  climate_control
  dotenv (~> 2.1)
  haikunator (~> 1.1)
  rake (~> 11.1)
  rspec (~> 3.4)
  vcr (~> 3.0)
  webmock (~> 2.0)

BUNDLED WITH
   1.16.4
